GIT
  remote: https://github.com/lndl/select2_simple_form.git
  revision: c3bb030a675a1c5a5fc5ce375564a0ba20381a7f
  tag: 0.7.3
  specs:
    select2_simple_form (0.7.3)
      rails (> 4.0.0)
      select2-rails (~> 3.5.2)

GEM
  remote: http://rubygems.org/
  specs:
    actionmailer (4.2.5)
      actionpack (= 4.2.5)
      actionview (= 4.2.5)
      activejob (= 4.2.5)
      mail (~> 2.5, >= 2.5.4)
      rails-dom-testing (~> 1.0, >= 1.0.5)
    actionpack (4.2.5)
      actionview (= 4.2.5)
      activesupport (= 4.2.5)
      rack (~> 1.6)
      rack-test (~> 0.6.2)
      rails-dom-testing (~> 1.0, >= 1.0.5)
      rails-html-sanitizer (~> 1.0, >= 1.0.2)
    actionview (4.2.5)
      activesupport (= 4.2.5)
      builder (~> 3.1)
      erubis (~> 2.7.0)
      rails-dom-testing (~> 1.0, >= 1.0.5)
      rails-html-sanitizer (~> 1.0, >= 1.0.2)
    active_model_serializers (0.10.1)
      actionpack (>= 4.1, < 6)
      activemodel (>= 4.1, < 6)
      jsonapi (~> 0.1.1.beta2)
      railties (>= 4.1, < 6)
    activejob (4.2.5)
      activesupport (= 4.2.5)
      globalid (>= 0.3.0)
    activemodel (4.2.5)
      activesupport (= 4.2.5)
      builder (~> 3.1)
    activerecord (4.2.5)
      activemodel (= 4.2.5)
      activesupport (= 4.2.5)
      arel (~> 6.0)
    activesupport (4.2.5)
      i18n (~> 0.7)
      json (~> 1.7, >= 1.7.7)
      minitest (~> 5.1)
      thread_safe (~> 0.3, >= 0.3.4)
      tzinfo (~> 1.1)
    acts_as_commentable (4.0.2)
    addressable (2.4.0)
    after_commit_action (1.1.0)
      activerecord (>= 3.0.0)
      activesupport (>= 3.0.0)
    ajax-datatables-rails (0.3.1)
      railties (>= 3.1)
    arel (6.0.3)
    auto_select2 (0.5.3)
      coffee-rails
      railties (>= 3.1)
      select2-rails
    autonumeric-rails (1.9.43)
      jquery-rails (>= 2.0.2)
    autoprefixer-rails (6.3.3.1)
      execjs
    awesome_print (1.8.0)
    axiom-types (0.1.1)
      descendants_tracker (~> 0.0.4)
      ice_nine (~> 0.11.0)
      thread_safe (~> 0.3, >= 0.3.1)
    axlsx (2.0.1)
      htmlentities (~> 4.3.1)
      nokogiri (>= 1.4.1)
      rubyzip (~> 1.0.0)
    axlsx_rails (0.5.2)
      actionpack (>= 3.1)
      axlsx (>= 2.0.1)
    bcrypt (3.1.11)
    bigdecimal (1.2.6)
    bindex (0.5.0)
    binding_of_caller (0.7.2)
      debug_inspector (>= 0.0.1)
    bootstrap-kaminari-views (0.0.5)
      kaminari (>= 0.13)
      rails (>= 3.1)
    bootstrap-sass (3.3.6)
      autoprefixer-rails (>= 5.2.1)
      sass (>= 3.3.4)
    bootstrap-switch-rails (3.3.3)
    bootstrap3-datetimepicker-rails (4.14.30)
      momentjs-rails (>= 2.8.1)
    builder (3.2.2)
    bundler-unload (1.0.2)
    byebug (8.2.2)
    cancancan (1.13.1)
    carrierwave (0.10.0)
      activemodel (>= 3.2.0)
      activesupport (>= 3.2.0)
      json (>= 1.7)
      mime-types (>= 1.16)
    carrierwave-video (0.5.6)
      carrierwave
      streamio-ffmpeg
    carrierwave-video-thumbnailer (0.1.4)
      carrierwave
    carrierwave_backgrounder (0.4.2)
      carrierwave (~> 0.5)
    case_transform (0.2)
      activesupport
    chronic (0.10.2)
    chunky_png (1.3.5)
    ckeditor (4.2.4)
      cocaine
      orm_adapter (~> 0.5.0)
    climate_control (0.2.0)
    cocaine (0.6.0)
      terrapin (= 0.6.0)
    cocoon (1.2.8)
    coderay (1.1.2)
    coercible (1.0.0)
      descendants_tracker (~> 0.0.1)
    coffee-rails (4.1.1)
      coffee-script (>= 2.2.0)
      railties (>= 4.0.0, < 5.1.x)
    coffee-script (2.4.1)
      coffee-script-source
      execjs
    coffee-script-source (1.10.0)
    compass (1.0.3)
      chunky_png (~> 1.2)
      compass-core (~> 1.0.2)
      compass-import-once (~> 1.0.5)
      rb-fsevent (>= 0.9.3)
      rb-inotify (>= 0.9)
      sass (>= 3.3.13, < 3.5)
    compass-core (1.0.3)
      multi_json (~> 1.0)
      sass (>= 3.3.0, < 3.5)
    compass-import-once (1.0.5)
      sass (>= 3.2, < 3.5)
    compass-rails (2.0.4)
      compass (~> 1.0.0)
      sass-rails (<= 5.0.1)
      sprockets (< 2.13)
    concurrent-ruby (1.0.5)
    counter_culture (1.1.0)
      activerecord (>= 3.0.0)
      activesupport (>= 3.0.0)
      after_commit_action (~> 1.0)
    crass (1.0.4)
    css_parser (1.3.7)
      addressable
    daemons (1.2.3)
    datetime_picker_rails (0.0.7)
      momentjs-rails (>= 2.8.1)
    debug_inspector (0.0.2)
    delayed_job (4.1.1)
      activesupport (>= 3.0, < 5.0)
    delayed_job_active_record (4.1.0)
      activerecord (>= 3.0, < 5)
      delayed_job (>= 3.0, < 5)
    descendants_tracker (0.0.4)
      thread_safe (~> 0.3, >= 0.3.1)
    devise (3.5.6)
      bcrypt (~> 3.0)
      orm_adapter (~> 0.1)
      railties (>= 3.2.6, < 5)
      responders
      thread_safe (~> 0.1)
      warden (~> 1.2.3)
    devise_invitable (1.5.5)
      actionmailer (>= 3.2.6, < 5)
      devise (>= 3.2.0)
    diff-lcs (1.3)
    discard (1.0.0)
      activerecord (>= 4.2, < 6)
    draper (2.1.0)
      actionpack (>= 3.0)
      activemodel (>= 3.0)
      activesupport (>= 3.0)
      request_store (~> 1.0)
    dropzonejs-rails (0.7.3)
      rails (> 3.1)
    equalizer (0.0.11)
    erubi (1.7.1)
    erubis (2.7.0)
    eventmachine (1.0.9.1)
    execjs (2.6.0)
    executable-hooks (1.3.2)
    factory_bot (4.10.0)
      activesupport (>= 3.0.0)
    faraday (0.9.2)
      multipart-post (>= 1.2, < 3)
    ffi (1.9.10)
    font-awesome-sass (4.5.0)
      sass (>= 3.2)
    fullcalendar-rails (2.4.0.0)
      jquery-rails (>= 3.1.1, < 5.0.0)
      momentjs-rails (>= 2.9.0)
    gem-wrappers (1.2.7)
    generator_spec (0.9.4)
      activesupport (>= 3.0.0)
      railties (>= 3.0.0)
    git (1.4.0)
    github_api (0.16.0)
      addressable (~> 2.4.0)
      descendants_tracker (~> 0.0.4)
      faraday (~> 0.8, < 0.10)
      hashie (>= 3.4)
      mime-types (>= 1.16, < 3.0)
      oauth2 (~> 1.0)
    globalid (0.3.6)
      activesupport (>= 4.1.0)
    grape (0.19.0)
      activesupport
      builder
      hashie (>= 2.1.0)
      multi_json (>= 1.3.2)
      multi_xml (>= 0.5.2)
      mustermann-grape (~> 0.4.0)
      rack (>= 1.3.0)
      rack-accept
      virtus (>= 1.0.0)
    gruff (0.6.0)
      rmagick (>= 2.13.4)
    hash-deep-merge (0.1.1)
    hashie (3.5.7)
    highline (2.0.0)
    hike (1.2.3)
    htmlentities (4.3.4)
    i18n (0.7.0)
    ice_nine (0.11.2)
    io-console (0.4.6)
    jbuilder (2.4.1)
      activesupport (>= 3.0.0, < 5.1)
      multi_json (~> 1.2)
    jeweler (2.3.9)
      builder
      bundler
      git (>= 1.2.5)
      github_api (~> 0.16.0)
      highline (>= 1.6.15)
      nokogiri (>= 1.5.10)
      psych
      rake
      rdoc
      semver2
    jquery-datatables-rails (3.3.0)
      actionpack (>= 3.1)
      jquery-rails
      railties (>= 3.1)
      sass-rails
    jquery-rails (4.0.4)
      rails-dom-testing (~> 1.0)
      railties (>= 4.2.0)
      thor (>= 0.14, < 2.0)
    jquery-ui-rails (5.0.5)
      railties (>= 3.2.16)
    json (1.8.1)
    json_schema (0.19.1)
    jsonapi (0.1.1.beta2)
      json (~> 1.8)
    jsonapi-parser (0.1.1.beta3)
    jsonapi-renderer (0.1.1.beta1)
    jwt (1.5.6)
    kaminari (0.16.3)
      actionpack (>= 3.0.0)
      activesupport (>= 3.0.0)
    kaminari-actionview (1.1.1)
      actionview
      kaminari-core (= 1.1.1)
    kaminari-activerecord (1.1.1)
      activerecord
      kaminari-core (= 1.1.1)
    kaminari-core (1.1.1)
    kgio (2.10.0)
    ledermann-rails-settings (2.4.0)
      activerecord (>= 3.1)
    loofah (2.0.3)
      nokogiri (>= 1.5.9)
    mail (2.6.3)
      mime-types (>= 1.16, < 3)
    marcel (0.3.2)
      mimemagic (~> 0.3.2)
    method_source (0.9.0)
    mime-types (2.99.1)
    mime-types-data (3.2016.0521)
    mimemagic (0.3.2)
    mini_magick (4.4.0)
    mini_mime (1.0.0)
    mini_portile2 (2.0.0)
    minitest (5.4.3)
    momentjs-rails (2.11.0)
      railties (>= 3.1)
    multi_json (1.11.2)
    multi_xml (0.6.0)
    multipart-post (2.0.0)
    mustermann (0.4.0)
      tool (~> 0.2)
    mustermann-grape (0.4.0)
      mustermann (= 0.4.0)
    mysql2 (0.3.20)
    nio4r (2.3.1)
    nokogiri (1.6.7.2)
      mini_portile2 (~> 2.0.0.rc2)
    nprogress-rails (0.1.6.7)
    oauth2 (1.4.0)
      faraday (>= 0.8, < 0.13)
      jwt (~> 1.0)
      multi_json (~> 1.3)
      multi_xml (~> 0.5)
      rack (>= 1.2, < 3)
    orm_adapter (0.5.0)
    pagination (0.3.3)
    paper_trail (4.0.2)
      activerecord (>= 3.0, < 6.0)
      activesupport (>= 3.0, < 6.0)
      request_store (~> 1.1)
    paranoia (2.4.1)
      activerecord (>= 4.0, < 5.3)
    pdf-core (0.6.1)
    power_assert (0.2.2)
    prawn (2.1.0)
      pdf-core (~> 0.6.1)
      ttfunk (~> 1.4.0)
    prawn-rails (0.1.1)
      prawn
      prawn-table
      rails (>= 3.1.0)
    prawn-svg (0.22.1)
      css_parser (~> 1.3)
      prawn (>= 0.11.1, < 3)
    prawn-table (0.2.2)
      prawn (>= 1.3.0, < 3.0.0)
    pry (0.11.3)
      coderay (~> 1.1.0)
      method_source (~> 0.9.0)
    psych (2.0.8)
    public_suffix (3.0.2)
    pundit (1.1.0)
      activesupport (>= 3.0.0)
    rack (1.6.4)
    rack-accept (0.4.5)
      rack (>= 0.4)
    rack-cors (1.0.2)
    rack-test (0.6.3)
      rack (>= 1.0)
    rails (4.2.5)
      actionmailer (= 4.2.5)
      actionpack (= 4.2.5)
      actionview (= 4.2.5)
      activejob (= 4.2.5)
      activemodel (= 4.2.5)
      activerecord (= 4.2.5)
      activesupport (= 4.2.5)
      bundler (>= 1.3.0, < 2.0)
      railties (= 4.2.5)
      sprockets-rails
    rails-deprecated_sanitizer (1.0.3)
      activesupport (>= 4.2.0.alpha)
    rails-dom-testing (1.0.7)
      activesupport (>= 4.2.0.beta, < 5.0)
      nokogiri (~> 1.6.0)
      rails-deprecated_sanitizer (>= 1.0.1)
    rails-html-sanitizer (1.0.3)
      loofah (~> 2.0)
    railties (4.2.5)
      actionpack (= 4.2.5)
      activesupport (= 4.2.5)
      rake (>= 0.8.7)
      thor (>= 0.18.1, < 2.0)
    raindrops (0.16.0)
    rake (10.4.2)
    rb-fsevent (0.9.7)
    rb-inotify (0.9.7)
      ffi (>= 0.5.0)
    rdoc (4.2.0)
    rdoc-data (4.1.0)
      rdoc (~> 4.0)
    remotipart (1.4.3)
    request_store (1.3.0)
    responders (2.1.1)
      railties (>= 4.2.0, < 5.1)
    rmagick (2.15.4)
    rspec (3.7.0)
      rspec-core (~> 3.7.0)
      rspec-expectations (~> 3.7.0)
      rspec-mocks (~> 3.7.0)
    rspec-core (3.7.1)
      rspec-support (~> 3.7.0)
    rspec-expectations (3.7.0)
      diff-lcs (>= 1.2.0, < 2.0)
      rspec-support (~> 3.7.0)
    rspec-mocks (3.7.0)
      diff-lcs (>= 1.2.0, < 2.0)
      rspec-support (~> 3.7.0)
    rspec-support (3.7.1)
    ruby-graphviz (1.2.3)
    ruby-ole (1.2.12)
    rubygems-bundler (1.4.4)
      bundler-unload (>= 1.0.2)
      executable-hooks (>= 1.3.2)
    rubyzip (1.0.0)
    rvm (1.11.3.9)
    sass (3.4.21)
    sass-listen (4.0.0)
      rb-fsevent (~> 0.9, >= 0.9.4)
      rb-inotify (~> 0.9, >= 0.9.7)
    sass-rails (5.0.1)
      railties (>= 4.0.0, < 5.0)
      sass (~> 3.1)
      sprockets (>= 2.8, < 4.0)
      sprockets-rails (>= 2.0, < 4.0)
      tilt (~> 1.1)
    sdoc (0.4.1)
      json (~> 1.7, >= 1.7.7)
      rdoc (~> 4.0)
    select2-rails (3.5.10)
      thor (~> 0.14)
    semver2 (3.4.2)
    simple_form (3.2.1)
      actionpack (> 4, < 5.1)
      activemodel (> 4, < 5.1)
    simple_form_auto_select2 (0.0.3)
      auto_select2 (>= 0.3.1)
      railties (>= 3.1)
      select2-rails
      simple_form
    spreadsheet (1.1.1)
      ruby-ole (>= 1.0)
    spring (1.6.4)
    sprockets (2.12.4)
      hike (~> 1.2)
      multi_json (~> 1.0)
      rack (~> 1.0)
      tilt (~> 1.1, != 1.3.0)
    sprockets-rails (2.3.3)
      actionpack (>= 3.0)
      activesupport (>= 3.0)
      sprockets (>= 2.8, < 4.0)
    sqlite3 (1.3.13)
    statesman (2.0.0)
    streamio-ffmpeg (2.0.0)
      multi_json (~> 1.8)
    terrapin (0.6.0)
      climate_control (>= 0.0.3, < 1.0)
    test-unit (3.0.8)
      power_assert
    thin (1.6.4)
      daemons (~> 1.0, >= 1.0.9)
      eventmachine (~> 1.0, >= 1.0.4)
      rack (~> 1.0)
    thor (0.19.1)
    thread_safe (0.3.5)
    tilt (1.4.1)
    timecop (0.9.1)
    tool (0.2.3)
    ttfunk (1.4.0)
    turbolinks (2.5.3)
      coffee-rails
    turbolinks-source (5.1.0)
    tzinfo (1.2.2)
      thread_safe (~> 0.1)
    uglifier (2.7.2)
      execjs (>= 0.3.0)
      json (>= 1.8.0)
    unicorn (5.0.1)
      kgio (~> 2.6)
      rack
      raindrops (~> 0.7)
    videojs_rails (4.12.14)
    virtus (1.0.5)
      axiom-types (~> 0.1)
      coercible (~> 1.0)
      descendants_tracker (~> 0.0, >= 0.0.3)
      equalizer (~> 0.0, >= 0.0.9)
    warden (1.2.6)
      rack (>= 1.0)
    web-console (2.3.0)
      activemodel (>= 4.0)
      binding_of_caller (>= 0.7.2)
      railties (>= 4.0)
      sprockets-rails (>= 2.0, < 4.0)
    websocket-driver (0.7.0)
      websocket-extensions (>= 0.1.0)
    websocket-extensions (0.1.5)
    whenever (0.9.4)
      chronic (>= 0.6.3)
    wicked_pdf (1.1.0)
    wkhtmltopdf-binary-edge (0.12.2.1)

PLATFORMS
  ruby

DEPENDENCIES
  actionmailer (= 4.2.5)
  actionpack (= 4.2.5)
  actionview (= 4.2.5)
  active_model_serializers (= 0.10.1)
  activejob (= 4.2.5)
  activemodel (= 4.2.5)
  activerecord (= 4.2.5)
  activesupport (= 4.2.5)
  acts_as_commentable (= 4.0.2)
  addressable (= 2.4.0)
  after_commit_action (= 1.1.0)
  ajax-datatables-rails (= 0.3.1)
  arel (= 6.0.3)
  auto_select2 (= 0.5.3)
  autonumeric-rails (= 1.9.43)
  autoprefixer-rails (= 6.3.3.1)
  awesome_print (= 1.8.0)
  axiom-types (= 0.1.1)
  axlsx (= 2.0.1)
  axlsx_rails
  bcrypt (= 3.1.11)
  bigdecimal (= 1.2.6)
  bindex (= 0.5.0)
  binding_of_caller (= 0.7.2)
  bootstrap-kaminari-views (= 0.0.5)
  bootstrap-sass (= 3.3.6)
  bootstrap-switch-rails (= 3.3.3)
  bootstrap3-datetimepicker-rails (= 4.14.30)
  builder (= 3.2.2)
  bundler (= 1.16.2)
  bundler-unload (= 1.0.2)
  byebug (= 8.2.2)
  cancancan (= 1.13.1)
  carrierwave (= 0.10.0)
  carrierwave-video (= 0.5.6)
  carrierwave-video-thumbnailer (= 0.1.4)
  carrierwave_backgrounder (= 0.4.2)
  case_transform (= 0.2)
  chronic (= 0.10.2)
  chunky_png (= 1.3.5)
  ckeditor (= 4.2.4)
  climate_control (= 0.2.0)
  cocaine (= 0.6.0)
  cocoon (= 1.2.8)
  coderay (= 1.1.2)
  coercible (= 1.0.0)
  coffee-rails (= 4.1.1)
  coffee-script (= 2.4.1)
  coffee-script-source (= 1.10.0)
  compass (= 1.0.3)
  compass-core (= 1.0.3)
  compass-import-once (= 1.0.5)
  compass-rails (= 2.0.4)
  concurrent-ruby (= 1.0.5)
  counter_culture (= 1.1.0)
  crass (= 1.0.4)
  css_parser (= 1.3.7)
  daemons (= 1.2.3)
  datetime_picker_rails (= 0.0.7)
  debug_inspector (= 0.0.2)
  delayed_job (= 4.1.1)
  delayed_job_active_record (= 4.1.0)
  descendants_tracker (= 0.0.4)
  devise (= 3.5.6)
  devise_invitable (= 1.5.5)
  diff-lcs (= 1.3)
  discard (= 1.0.0)
  draper (= 2.1.0)
  dropzonejs-rails (= 0.7.3)
  equalizer (= 0.0.11)
  erubi (= 1.7.1)
  erubis (= 2.7.0)
  eventmachine (= 1.0.9.1)
  execjs (= 2.6.0)
  executable-hooks (= 1.3.2)
  factory_bot (= 4.10.0)
  faraday (= 0.9.2)
  ffi (= 1.9.10)
  font-awesome-sass (= 4.5.0)
  fullcalendar-rails (= 2.4.0.0)
  gem-wrappers (= 1.2.7)
  generator_spec (= 0.9.4)
  git (= 1.4.0)
  github_api (= 0.16.0)
  globalid (= 0.3.6)
  grape (= 0.19.0)
  gruff (= 0.6.0)
  hash-deep-merge (= 0.1.1)
  hashie (= 3.5.7)
  highline (= 2.0.0)
  hike (= 1.2.3)
  i18n (= 0.7.0)
  ice_nine (= 0.11.2)
  io-console (= 0.4.6)
  jbuilder (= 2.4.1)
  jeweler (= 2.3.9)
  jquery-datatables-rails (= 3.3.0)
  jquery-rails (= 4.0.4)
  jquery-ui-rails (= 5.0.5)
  json (= 1.8.1)
  json_schema (= 0.19.1)
  jsonapi (= 0.1.1.beta2)
  jsonapi-parser (= 0.1.1.beta3)
  jsonapi-renderer (= 0.1.1.beta1)
  jwt (= 1.5.6)
  kaminari (= 0.16.3)
  kaminari-actionview (= 1.1.1)
  kaminari-activerecord (= 1.1.1)
  kaminari-core (= 1.1.1)
  kgio (= 2.10.0)
  ledermann-rails-settings (= 2.4.0)
  loofah (= 2.0.3)
  mail (= 2.6.3)
  marcel (= 0.3.2)
  method_source (= 0.9.0)
  mime-types (= 2.99.1)
  mime-types-data (= 3.2016.0521)
  mimemagic (= 0.3.2)
  mini_magick (= 4.4.0)
  mini_mime (= 1.0.0)
  mini_portile2 (= 2.0.0)
  minitest (= 5.4.3)
  momentjs-rails (= 2.11.0)
  multi_json (= 1.11.2)
  multi_xml (= 0.6.0)
  multipart-post (= 2.0.0)
  mustermann (= 0.4.0)
  mustermann-grape (= 0.4.0)
  mysql2 (= 0.3.20)
  nio4r (= 2.3.1)
  nokogiri (= 1.6.7.2)
  nprogress-rails (= 0.1.6.7)
  oauth2 (= 1.4.0)
  orm_adapter (= 0.5.0)
  pagination (= 0.3.3)
  paper_trail (= 4.0.2)
  paranoia (= 2.4.1)
  pdf-core (= 0.6.1)
  power_assert (= 0.2.2)
  prawn (= 2.1.0)
  prawn-rails (= 0.1.1)
  prawn-svg (= 0.22.1)
  prawn-table (= 0.2.2)
  pry (= 0.11.3)
  psych (= 2.0.8)
  public_suffix (= 3.0.2)
  pundit (= 1.1.0)
  rack (= 1.6.4)
  rack-accept (= 0.4.5)
  rack-cors (= 1.0.2)
  rack-test (= 0.6.3)
  rails (= 4.2.5)
  rails-deprecated_sanitizer (= 1.0.3)
  rails-dom-testing (= 1.0.7)
  rails-html-sanitizer (= 1.0.3)
  railties (= 4.2.5)
  raindrops (= 0.16.0)
  rake (= 10.4.2)
  rb-fsevent (= 0.9.7)
  rb-inotify (= 0.9.7)
  rdoc (= 4.2.0)
  rdoc-data (= 4.1.0)
  remotipart (~> 1.2)
  request_store (= 1.3.0)
  responders (= 2.1.1)
  rmagick (= 2.15.4)
  rspec (= 3.7.0)
  rspec-core (= 3.7.1)
  rspec-expectations (= 3.7.0)
  rspec-mocks (= 3.7.0)
  rspec-support (= 3.7.1)
  ruby-graphviz (= 1.2.3)
  ruby-ole (= 1.2.12)
  rubygems-bundler (= 1.4.4)
  rvm (= 1.11.3.9)
  sass (= 3.4.21)
  sass-listen (= 4.0.0)
  sass-rails (= 5.0.1)
  sdoc (= 0.4.1)
  select2-rails (= 3.5.10)
  select2_simple_form!
  semver2 (= 3.4.2)
  simple_form (= 3.2.1)
  simple_form_auto_select2 (= 0.0.3)
  spreadsheet (= 1.1.1)
  spring (= 1.6.4)
  sprockets (= 2.12.4)
  sprockets-rails (= 2.3.3)
  sqlite3 (= 1.3.13)
  statesman (= 2.0.0)
  streamio-ffmpeg (= 2.0.0)
  terrapin (= 0.6.0)
  test-unit (= 3.0.8)
  thin (= 1.6.4)
  thor (= 0.19.1)
  thread_safe (= 0.3.5)
  tilt (= 1.4.1)
  timecop (= 0.9.1)
  tool (= 0.2.3)
  ttfunk (= 1.4.0)
  turbolinks (= 2.5.3)
  turbolinks-source (= 5.1.0)
  tzinfo (= 1.2.2)
  uglifier (= 2.7.2)
  unicorn (= 5.0.1)
  videojs_rails (= 4.12.14)
  virtus (= 1.0.5)
  warden (= 1.2.6)
  web-console (= 2.3.0)
  websocket-driver (= 0.7.0)
  websocket-extensions (= 0.1.5)
  whenever (= 0.9.4)
  wicked_pdf (= 1.1.0)
  wkhtmltopdf-binary-edge (= 0.12.2.1)

BUNDLED WITH
   1.16.2
